STORAGE: NONE
RESTRICTION: || (== netcoreapp2.0) (== netstandard2.0) (>= net45)
NUGET
  remote: https://api.nuget.org/v3/index.json
    Argu (5.1) - restriction: || (== netcoreapp2.0) (== netstandard2.0) (&& (>= net45) (>= netstandard2.0)) (>= net461)
      FSharp.Core (>= 4.0.0.1) - restriction: >= net45
      FSharp.Core (>= 4.3.2) - restriction: || (== netcoreapp2.0) (== netstandard2.0)
      System.Configuration.ConfigurationManager (>= 4.4) - restriction: || (== netcoreapp2.0) (== netstandard2.0)
    Expecto (8.3)
      Argu (>= 5.1) - restriction: || (== netcoreapp2.0) (== netstandard2.0) (&& (>= net45) (>= netstandard2.0)) (>= net461)
      Mono.Cecil (>= 0.10) - restriction: || (== netcoreapp2.0) (== netstandard2.0) (&& (>= net45) (>= netstandard2.0)) (>= net461)
      System.Diagnostics.FileVersionInfo (>= 4.3) - restriction: || (== netcoreapp2.0) (== netstandard2.0) (&& (>= net45) (< net461) (>= netstandard2.0))
    Expecto.FsCheck (8.2.2)
      Expecto (>= 8.2.2) - restriction: || (== netcoreapp2.0) (== netstandard2.0) (&& (>= net45) (>= netstandard2.0)) (>= net461)
      FsCheck (>= 2.10.4) - restriction: || (== netcoreapp2.0) (== netstandard2.0) (&& (>= net45) (>= netstandard2.0)) (>= net461)
    Expecto.TestResults (8.3)
      Expecto (>= 8.3) - restriction: || (== netcoreapp2.0) (== netstandard2.0) (&& (>= net45) (>= netstandard2.0)) (>= net461)
    FsCheck (2.11)
      FSharp.Core (>= 4.0.0.1) - restriction: || (&& (== netcoreapp2.0) (< netstandard1.6)) (&& (== netcoreapp2.0) (< portable-net45+win8+wp8)) (&& (== netstandard2.0) (< netstandard1.6)) (&& (== netstandard2.0) (< portable-net45+win8+wp8)) (&& (>= net45) (< netstandard1.6)) (&& (>= net45) (< portable-net45+win8+wp8)) (>= net452)
      FSharp.Core (>= 4.3.4) - restriction: || (== netcoreapp2.0) (== netstandard2.0) (&& (>= net45) (< net452) (>= netstandard1.6))
      NETStandard.Library (>= 1.6.1) - restriction: || (== netcoreapp2.0) (== netstandard2.0) (&& (>= net45) (< net452) (>= netstandard1.6))
      System.ValueTuple (>= 4.5) - restriction: || (== netcoreapp2.0) (== netstandard2.0) (&& (>= net45) (< net452) (>= netstandard1.6))
    FSharp.Core (4.5.2)
    Microsoft.NETCore.Platforms (2.1.1) - restriction: || (== netcoreapp2.0) (== netstandard2.0) (&& (>= dnxcore50) (>= net45) (>= netstandard2.0)) (&& (>= net45) (< net46) (>= netstandard2.0)) (&& (>= net461) (>= netcoreapp2.0))
    Microsoft.NETCore.Targets (2.1) - restriction: || (== netcoreapp2.0) (== netstandard2.0) (&& (>= dnxcore50) (>= net45) (>= netstandard2.0))
    Microsoft.NETFramework.ReferenceAssemblies (1.0.0-preview.2) - copy_local: true
      Microsoft.NETFramework.ReferenceAssemblies.net45 (>= 1.0.0-preview.2) - restriction: || (&& (== netcoreapp2.0) (>= net45)) (&& (== netstandard2.0) (>= net45)) (&& (>= net45) (< net451))
      Microsoft.NETFramework.ReferenceAssemblies.net451 (>= 1.0.0-preview.2) - restriction: || (&& (== netcoreapp2.0) (>= net451)) (&& (== netstandard2.0) (>= net451)) (&& (>= net451) (< net452))
      Microsoft.NETFramework.ReferenceAssemblies.net452 (>= 1.0.0-preview.2) - restriction: || (&& (== netcoreapp2.0) (>= net452)) (&& (== netstandard2.0) (>= net452)) (&& (>= net452) (< net46))
      Microsoft.NETFramework.ReferenceAssemblies.net46 (>= 1.0.0-preview.2) - restriction: || (&& (== netcoreapp2.0) (>= net46)) (&& (== netstandard2.0) (>= net46)) (&& (>= net46) (< net461))
      Microsoft.NETFramework.ReferenceAssemblies.net461 (>= 1.0.0-preview.2) - restriction: || (&& (== netcoreapp2.0) (>= net461)) (&& (== netstandard2.0) (>= net461)) (&& (>= net461) (< net462))
      Microsoft.NETFramework.ReferenceAssemblies.net462 (>= 1.0.0-preview.2) - restriction: || (&& (== netcoreapp2.0) (>= net462)) (&& (== netstandard2.0) (>= net462)) (&& (>= net462) (< net47))
      Microsoft.NETFramework.ReferenceAssemblies.net47 (>= 1.0.0-preview.2) - restriction: || (&& (== netcoreapp2.0) (>= net47)) (&& (== netstandard2.0) (>= net47)) (&& (>= net47) (< net471))
      Microsoft.NETFramework.ReferenceAssemblies.net471 (>= 1.0.0-preview.2) - restriction: || (&& (== netcoreapp2.0) (>= net471)) (&& (== netstandard2.0) (>= net471)) (&& (>= net471) (< net472))
      Microsoft.NETFramework.ReferenceAssemblies.net472 (>= 1.0.0-preview.2) - restriction: >= net472
      Microsoft.NETFramework.ReferenceAssemblies.net48 (>= 1.0.0-preview.2) - restriction: || (== netcoreapp2.0) (== netstandard2.0) (&& (< net20) (>= net45))
    Microsoft.NETFramework.ReferenceAssemblies.net45 (1.0.0-preview.2) - copy_local: true, restriction: || (&& (== netcoreapp2.0) (>= net45)) (&& (== netstandard2.0) (>= net45)) (&& (>= net45) (< net451))
    Microsoft.NETFramework.ReferenceAssemblies.net451 (1.0.0-preview.2) - copy_local: true, restriction: || (&& (== netcoreapp2.0) (>= net451)) (&& (== netstandard2.0) (>= net451)) (&& (>= net451) (< net452))
    Microsoft.NETFramework.ReferenceAssemblies.net452 (1.0.0-preview.2) - copy_local: true, restriction: || (&& (== netcoreapp2.0) (>= net452)) (&& (== netstandard2.0) (>= net452)) (&& (>= net452) (< net46))
    Microsoft.NETFramework.ReferenceAssemblies.net46 (1.0.0-preview.2) - copy_local: true, restriction: || (&& (== netcoreapp2.0) (>= net46)) (&& (== netstandard2.0) (>= net46)) (&& (>= net46) (< net461))
    Microsoft.NETFramework.ReferenceAssemblies.net461 (1.0.0-preview.2) - copy_local: true, restriction: || (&& (== netcoreapp2.0) (>= net461)) (&& (== netstandard2.0) (>= net461)) (&& (>= net461) (< net462))
    Microsoft.NETFramework.ReferenceAssemblies.net462 (1.0.0-preview.2) - copy_local: true, restriction: || (&& (== netcoreapp2.0) (>= net462)) (&& (== netstandard2.0) (>= net462)) (&& (>= net462) (< net47))
    Microsoft.NETFramework.ReferenceAssemblies.net47 (1.0.0-preview.2) - copy_local: true, restriction: || (&& (== netcoreapp2.0) (>= net47)) (&& (== netstandard2.0) (>= net47)) (&& (>= net47) (< net471))
    Microsoft.NETFramework.ReferenceAssemblies.net471 (1.0.0-preview.2) - copy_local: true, restriction: || (&& (== netcoreapp2.0) (>= net471)) (&& (== netstandard2.0) (>= net471)) (&& (>= net471) (< net472))
    Microsoft.NETFramework.ReferenceAssemblies.net472 (1.0.0-preview.2) - copy_local: true, restriction: >= net472
    Microsoft.NETFramework.ReferenceAssemblies.net48 (1.0.0-preview.2) - copy_local: true, restriction: || (== netcoreapp2.0) (== netstandard2.0) (&& (< net20) (>= net45))
    Mono.Cecil (0.10) - restriction: || (== netcoreapp2.0) (== netstandard2.0) (&& (>= net45) (>= netstandard2.0)) (>= net461)
      System.Collections (>= 4.0.11) - restriction: || (== netcoreapp2.0) (== netstandard2.0) (&& (< net35) (>= net45) (>= netstandard1.3))
      System.IO.FileSystem (>= 4.0.1) - restriction: || (== netcoreapp2.0) (== netstandard2.0) (&& (< net35) (>= net45) (>= netstandard1.3))
      System.IO.FileSystem.Primitives (>= 4.0.1) - restriction: || (== netcoreapp2.0) (== netstandard2.0) (&& (< net35) (>= net45) (>= netstandard1.3))
      System.Reflection (>= 4.1) - restriction: || (== netcoreapp2.0) (== netstandard2.0) (&& (< net35) (>= net45) (>= netstandard1.3))
      System.Runtime.Extensions (>= 4.1) - restriction: || (== netcoreapp2.0) (== netstandard2.0) (&& (< net35) (>= net45) (>= netstandard1.3))
      System.Security.Cryptography.Algorithms (>= 4.2) - restriction: || (== netcoreapp2.0) (== netstandard2.0) (&& (< net35) (>= net45) (>= netstandard1.3))
      System.Security.Cryptography.Csp (>= 4.0) - restriction: || (== netcoreapp2.0) (== netstandard2.0) (&& (< net35) (>= net45) (>= netstandard1.3))
      System.Threading (>= 4.0.11) - restriction: || (== netcoreapp2.0) (== netstandard2.0) (&& (< net35) (>= net45) (>= netstandard1.3))
    NETStandard.Library (2.0.3) - restriction: || (== netcoreapp2.0) (== netstandard2.0) (&& (>= net45) (< net452) (>= netstandard1.6))
      Microsoft.NETCore.Platforms (>= 1.1)
    runtime.debian.8-x64.runtime.native.System.Security.Cryptography.OpenSsl (4.3.3) - restriction: || (== netcoreapp2.0) (== netstandard2.0) (&& (< net35) (>= net45) (>= netstandard2.0)) (&& (< net35) (>= net461) (>= netstandard1.6))
    runtime.debian.9-x64.runtime.native.System.Security.Cryptography.OpenSsl (4.3.3) - restriction: || (== netcoreapp2.0) (== netstandard2.0) (&& (< net35) (>= net45) (>= netstandard2.0)) (&& (< net35) (>= net461) (>= netstandard1.6))
    runtime.fedora.23-x64.runtime.native.System.Security.Cryptography.OpenSsl (4.3.3) - restriction: || (== netcoreapp2.0) (== netstandard2.0) (&& (< net35) (>= net45) (>= netstandard2.0)) (&& (< net35) (>= net461) (>= netstandard1.6))
    runtime.fedora.24-x64.runtime.native.System.Security.Cryptography.OpenSsl (4.3.3) - restriction: || (== netcoreapp2.0) (== netstandard2.0) (&& (< net35) (>= net45) (>= netstandard2.0)) (&& (< net35) (>= net461) (>= netstandard1.6))
    runtime.fedora.27-x64.runtime.native.System.Security.Cryptography.OpenSsl (4.3.3) - restriction: || (== netcoreapp2.0) (== netstandard2.0) (&& (< net35) (>= net45) (>= netstandard2.0)) (&& (< net35) (>= net461) (>= netstandard1.6))
    runtime.fedora.28-x64.runtime.native.System.Security.Cryptography.OpenSsl (4.3.3) - restriction: || (== netcoreapp2.0) (== netstandard2.0) (&& (< net35) (>= net45) (>= netstandard2.0)) (&& (< net35) (>= net461) (>= netstandard1.6))
    runtime.native.System.Security.Cryptography.Apple (4.3.1) - restriction: || (== netcoreapp2.0) (== netstandard2.0) (&& (< net35) (>= net45) (>= netstandard2.0)) (&& (< net35) (>= net461) (>= netstandard1.6))
      runtime.osx.10.10-x64.runtime.native.System.Security.Cryptography.Apple (>= 4.3.1)
    runtime.native.System.Security.Cryptography.OpenSsl (4.3.3) - restriction: || (== netcoreapp2.0) (== netstandard2.0) (&& (< net35) (>= net45) (>= netstandard2.0)) (&& (< net35) (>= net461) (>= netstandard1.6))
      runtime.debian.8-x64.runtime.native.System.Security.Cryptography.OpenSsl (>= 4.3.3)
      runtime.debian.9-x64.runtime.native.System.Security.Cryptography.OpenSsl (>= 4.3.3)
      runtime.fedora.23-x64.runtime.native.System.Security.Cryptography.OpenSsl (>= 4.3.3)
      runtime.fedora.24-x64.runtime.native.System.Security.Cryptography.OpenSsl (>= 4.3.3)
      runtime.fedora.27-x64.runtime.native.System.Security.Cryptography.OpenSsl (>= 4.3.3)
      runtime.fedora.28-x64.runtime.native.System.Security.Cryptography.OpenSsl (>= 4.3.3)
      runtime.opensuse.13.2-x64.runtime.native.System.Security.Cryptography.OpenSsl (>= 4.3.3)
      runtime.opensuse.42.1-x64.runtime.native.System.Security.Cryptography.OpenSsl (>= 4.3.3)
      runtime.opensuse.42.3-x64.runtime.native.System.Security.Cryptography.OpenSsl (>= 4.3.3)
      runtime.osx.10.10-x64.runtime.native.System.Security.Cryptography.OpenSsl (>= 4.3.3)
      runtime.rhel.7-x64.runtime.native.System.Security.Cryptography.OpenSsl (>= 4.3.3)
      runtime.ubuntu.14.04-x64.runtime.native.System.Security.Cryptography.OpenSsl (>= 4.3.3)
      runtime.ubuntu.16.04-x64.runtime.native.System.Security.Cryptography.OpenSsl (>= 4.3.3)
      runtime.ubuntu.16.10-x64.runtime.native.System.Security.Cryptography.OpenSsl (>= 4.3.3)
      runtime.ubuntu.18.04-x64.runtime.native.System.Security.Cryptography.OpenSsl (>= 4.3.3)
    runtime.opensuse.13.2-x64.runtime.native.System.Security.Cryptography.OpenSsl (4.3.3) - restriction: || (== netcoreapp2.0) (== netstandard2.0) (&& (< net35) (>= net45) (>= netstandard2.0)) (&& (< net35) (>= net461) (>= netstandard1.6))
    runtime.opensuse.42.1-x64.runtime.native.System.Security.Cryptography.OpenSsl (4.3.3) - restriction: || (== netcoreapp2.0) (== netstandard2.0) (&& (< net35) (>= net45) (>= netstandard2.0)) (&& (< net35) (>= net461) (>= netstandard1.6))
    runtime.opensuse.42.3-x64.runtime.native.System.Security.Cryptography.OpenSsl (4.3.3) - restriction: || (== netcoreapp2.0) (== netstandard2.0) (&& (< net35) (>= net45) (>= netstandard2.0)) (&& (< net35) (>= net461) (>= netstandard1.6))
    runtime.osx.10.10-x64.runtime.native.System.Security.Cryptography.Apple (4.3.1) - restriction: || (== netcoreapp2.0) (== netstandard2.0) (&& (< net35) (>= net45) (>= netstandard2.0)) (&& (< net35) (>= net461) (>= netstandard1.6))
    runtime.osx.10.10-x64.runtime.native.System.Security.Cryptography.OpenSsl (4.3.3) - restriction: || (== netcoreapp2.0) (== netstandard2.0) (&& (< net35) (>= net45) (>= netstandard2.0)) (&& (< net35) (>= net461) (>= netstandard1.6))
    runtime.rhel.7-x64.runtime.native.System.Security.Cryptography.OpenSsl (4.3.3) - restriction: || (== netcoreapp2.0) (== netstandard2.0) (&& (< net35) (>= net45) (>= netstandard2.0)) (&& (< net35) (>= net461) (>= netstandard1.6))
    runtime.ubuntu.14.04-x64.runtime.native.System.Security.Cryptography.OpenSsl (4.3.3) - restriction: || (== netcoreapp2.0) (== netstandard2.0) (&& (< net35) (>= net45) (>= netstandard2.0)) (&& (< net35) (>= net461) (>= netstandard1.6))
    runtime.ubuntu.16.04-x64.runtime.native.System.Security.Cryptography.OpenSsl (4.3.3) - restriction: || (== netcoreapp2.0) (== netstandard2.0) (&& (< net35) (>= net45) (>= netstandard2.0)) (&& (< net35) (>= net461) (>= netstandard1.6))
    runtime.ubuntu.16.10-x64.runtime.native.System.Security.Cryptography.OpenSsl (4.3.3) - restriction: || (== netcoreapp2.0) (== netstandard2.0) (&& (< net35) (>= net45) (>= netstandard2.0)) (&& (< net35) (>= net461) (>= netstandard1.6))
    runtime.ubuntu.18.04-x64.runtime.native.System.Security.Cryptography.OpenSsl (4.3.3) - restriction: || (== netcoreapp2.0) (== netstandard2.0) (&& (< net35) (>= net45) (>= netstandard2.0)) (&& (< net35) (>= net461) (>= netstandard1.6))
    System.Buffers (4.5) - restriction: || (&& (== netcoreapp2.0) (>= monoandroid)) (&& (== netcoreapp2.0) (>= monotouch)) (&& (== netcoreapp2.0) (>= net461)) (&& (== netcoreapp2.0) (< netstandard1.1)) (&& (== netcoreapp2.0) (< netstandard2.0)) (&& (== netcoreapp2.0) (>= xamarinios)) (&& (== netcoreapp2.0) (>= xamarinmac)) (&& (== netcoreapp2.0) (>= xamarintvos)) (&& (== netcoreapp2.0) (>= xamarinwatchos)) (== netstandard2.0) (&& (>= monoandroid) (>= net461) (>= netstandard2.0)) (&& (>= monotouch) (>= net461) (>= netstandard2.0)) (&& (< net45) (>= net461) (>= netstandard2.0)) (&& (>= net461) (< netstandard1.1) (>= netstandard2.0)) (&& (>= net461) (>= netstandard2.0) (>= xamarinios)) (&& (>= net461) (>= netstandard2.0) (>= xamarinmac)) (&& (>= net461) (>= netstandard2.0) (>= xamarintvos)) (&& (>= net461) (>= netstandard2.0) (>= xamarinwatchos))
    System.Collections (4.3) - restriction: || (== netcoreapp2.0) (== netstandard2.0) (&& (< net35) (>= net45) (>= netstandard2.0)) (&& (< net35) (>= net461) (>= netstandard1.6))
      Microsoft.NETCore.Platforms (>= 1.1) - restriction: || (== netcoreapp2.0) (== netstandard2.0) (&& (>= dnxcore50) (>= net45))
      Microsoft.NETCore.Targets (>= 1.1) - restriction: || (== netcoreapp2.0) (== netstandard2.0) (&& (>= dnxcore50) (>= net45))
      System.Runtime (>= 4.3) - restriction: || (== netcoreapp2.0) (== netstandard2.0) (&& (>= dnxcore50) (>= net45))
    System.Collections.Concurrent (4.3) - restriction: || (== netcoreapp2.0) (== netstandard2.0) (&& (>= dnxcore50) (>= net45) (>= netstandard2.0)) (&& (>= dnxcore50) (>= net461)) (&& (< net35) (>= net45) (>= netstandard2.0)) (&& (< net35) (>= net461) (>= netstandard1.6)) (&& (< net35) (>= net463))
      System.Collections (>= 4.3) - restriction: || (== netcoreapp2.0) (== netstandard2.0) (&& (>= dnxcore50) (>= net45))
      System.Diagnostics.Debug (>= 4.3) - restriction: || (== netcoreapp2.0) (== netstandard2.0) (&& (>= dnxcore50) (>= net45))
      System.Diagnostics.Tracing (>= 4.3) - restriction: || (== netcoreapp2.0) (== netstandard2.0) (&& (>= dnxcore50) (>= net45))
      System.Globalization (>= 4.3) - restriction: || (== netcoreapp2.0) (== netstandard2.0) (&& (>= dnxcore50) (>= net45))
      System.Reflection (>= 4.3) - restriction: || (== netcoreapp2.0) (== netstandard2.0)
      System.Resources.ResourceManager (>= 4.3) - restriction: || (== netcoreapp2.0) (== netstandard2.0) (&& (>= dnxcore50) (>= net45))
      System.Runtime (>= 4.3) - restriction: || (== netcoreapp2.0) (== netstandard2.0) (&& (>= dnxcore50) (>= net45))
      System.Runtime.Extensions (>= 4.3) - restriction: || (== netcoreapp2.0) (== netstandard2.0) (&& (>= dnxcore50) (>= net45))
      System.Threading (>= 4.3) - restriction: || (== netcoreapp2.0) (== netstandard2.0) (&& (>= dnxcore50) (>= net45))
      System.Threading.Tasks (>= 4.3) - restriction: || (== netcoreapp2.0) (== netstandard2.0) (&& (>= dnxcore50) (>= net45))
    System.Collections.Immutable (1.5) - restriction: || (== netcoreapp2.0) (== netstandard2.0) (&& (>= dnxcore50) (>= net45) (>= netstandard2.0)) (&& (>= net45) (< net46) (>= netstandard2.0)) (&& (>= net45) (< netstandard1.1) (>= netstandard2.0))
    System.Configuration.ConfigurationManager (4.5) - restriction: || (== netcoreapp2.0) (== netstandard2.0) (&& (< net45) (>= net461) (>= netstandard2.0))
      System.Security.Cryptography.ProtectedData (>= 4.5) - restriction: || (== netcoreapp2.0) (== netstandard2.0) (&& (>= net45) (< net461) (>= netstandard2.0))
      System.Security.Permissions (>= 4.5) - restriction: || (== netcoreapp2.0) (== netstandard2.0) (&& (>= monoandroid) (>= net45)) (&& (>= monotouch) (>= net45)) (&& (>= net45) (>= netstandard2.0)) (&& (>= net45) (>= xamarinios)) (&& (>= net45) (>= xamarinmac)) (&& (>= net45) (>= xamarintvos)) (&& (>= net45) (>= xamarinwatchos)) (>= net461)
    System.Diagnostics.Debug (4.3) - restriction: || (== netcoreapp2.0) (== netstandard2.0) (&& (>= dnxcore50) (>= net45) (>= netstandard2.0)) (&& (>= dnxcore50) (>= net461)) (&& (< net35) (>= net45) (>= netstandard2.0)) (&& (< net35) (>= net46) (< netstandard1.4) (>= netstandard2.0)) (&& (< net35) (>= net461) (< netstandard1.4)) (&& (< net35) (>= net461) (>= netstandard1.6)) (&& (< net35) (>= net461) (< netstandard1.6)) (&& (< net35) (>= net463))
      Microsoft.NETCore.Platforms (>= 1.1) - restriction: || (== netcoreapp2.0) (== netstandard2.0) (&& (>= dnxcore50) (>= net45))
      Microsoft.NETCore.Targets (>= 1.1) - restriction: || (== netcoreapp2.0) (== netstandard2.0) (&& (>= dnxcore50) (>= net45))
      System.Runtime (>= 4.3) - restriction: || (== netcoreapp2.0) (== netstandard2.0) (&& (>= dnxcore50) (>= net45))
    System.Diagnostics.FileVersionInfo (4.3) - restriction: || (== netcoreapp2.0) (== netstandard2.0) (&& (>= net45) (< net461) (>= netstandard2.0))
      Microsoft.NETCore.Platforms (>= 1.1) - restriction: || (== netcoreapp2.0) (== netstandard2.0) (&& (>= dnxcore50) (>= net45)) (&& (>= net45) (< net46) (>= netstandard1.3))
      System.Globalization (>= 4.3) - restriction: || (== netcoreapp2.0) (== netstandard2.0) (&& (>= net45) (< net46) (>= netstandard1.3))
      System.IO (>= 4.3) - restriction: || (== netcoreapp2.0) (== netstandard2.0) (&& (>= dnxcore50) (>= net45)) (&& (>= net45) (< net46) (>= netstandard1.3))
      System.IO.FileSystem (>= 4.3) - restriction: || (== netcoreapp2.0) (== netstandard2.0) (&& (>= dnxcore50) (>= net45)) (&& (>= net45) (< net46) (>= netstandard1.3))
      System.IO.FileSystem.Primitives (>= 4.3) - restriction: || (== netcoreapp2.0) (== netstandard2.0) (&& (>= dnxcore50) (>= net45)) (&& (>= net45) (< net46) (>= netstandard1.3))
      System.Reflection.Metadata (>= 1.4.1) - restriction: || (== netcoreapp2.0) (== netstandard2.0) (&& (>= dnxcore50) (>= net45)) (&& (>= net45) (< net46) (>= netstandard1.3))
      System.Runtime (>= 4.3) - restriction: || (== netcoreapp2.0) (== netstandard2.0) (&& (>= dnxcore50) (>= net45)) (&& (>= net45) (< net46) (>= netstandard1.3))
      System.Runtime.Extensions (>= 4.3) - restriction: || (== netcoreapp2.0) (== netstandard2.0) (&& (>= dnxcore50) (>= net45)) (&& (>= net45) (< net46) (>= netstandard1.3))
      System.Runtime.InteropServices (>= 4.3) - restriction: || (== netcoreapp2.0) (== netstandard2.0) (&& (>= net45) (< net46) (>= netstandard1.3))
    System.Diagnostics.Tracing (4.3) - restriction: || (== netcoreapp2.0) (== netstandard2.0) (&& (>= dnxcore50) (>= net45) (>= netstandard2.0)) (&& (>= dnxcore50) (>= net461)) (&& (>= dnxcore50) (>= net463)) (&& (< net35) (>= net45) (>= netstandard2.0)) (&& (< net35) (>= net461) (>= netstandard1.6)) (&& (< net35) (>= net463))
      Microsoft.NETCore.Platforms (>= 1.1) - restriction: || (== netcoreapp2.0) (== netstandard2.0) (&& (>= dnxcore50) (>= net45))
      Microsoft.NETCore.Targets (>= 1.1) - restriction: || (== netcoreapp2.0) (== netstandard2.0) (&& (>= dnxcore50) (>= net45))
      System.Runtime (>= 4.3) - restriction: || (== netcoreapp2.0) (== netstandard2.0) (&& (>= dnxcore50) (>= net45))
    System.Globalization (4.3) - restriction: || (== netcoreapp2.0) (== netstandard2.0) (&& (>= net45) (< net46) (>= netstandard2.0))
      Microsoft.NETCore.Platforms (>= 1.1) - restriction: || (== netcoreapp2.0) (== netstandard2.0) (&& (>= dnxcore50) (>= net45))
      Microsoft.NETCore.Targets (>= 1.1) - restriction: || (== netcoreapp2.0) (== netstandard2.0) (&& (>= dnxcore50) (>= net45))
      System.Runtime (>= 4.3) - restriction: || (== netcoreapp2.0) (== netstandard2.0) (&& (>= dnxcore50) (>= net45))
    System.IO (4.3) - restriction: || (== netcoreapp2.0) (== netstandard2.0) (&& (>= dnxcore50) (>= net45) (>= netstandard2.0)) (&& (>= net45) (< net46) (>= netstandard2.0))
      Microsoft.NETCore.Platforms (>= 1.1) - restriction: || (== netcoreapp2.0) (== netstandard2.0) (&& (>= dnxcore50) (>= net45))
      Microsoft.NETCore.Targets (>= 1.1) - restriction: || (== netcoreapp2.0) (== netstandard2.0) (&& (>= dnxcore50) (>= net45))
      System.Runtime (>= 4.3) - restriction: || (== netcoreapp2.0) (== netstandard2.0) (&& (>= dnxcore50) (>= net45))
      System.Text.Encoding (>= 4.3) - restriction: || (== netcoreapp2.0) (== netstandard2.0) (&& (>= dnxcore50) (>= net45))
      System.Threading.Tasks (>= 4.3) - restriction: || (== netcoreapp2.0) (== netstandard2.0) (&& (>= dnxcore50) (>= net45))
    System.IO.FileSystem (4.3) - restriction: || (== netcoreapp2.0) (== netstandard2.0) (&& (>= dnxcore50) (>= net45) (>= netstandard2.0)) (&& (>= net45) (< net46) (>= netstandard2.0))
      Microsoft.NETCore.Platforms (>= 1.1) - restriction: || (== netcoreapp2.0) (== netstandard2.0) (&& (>= net45) (< net46) (>= netstandard1.3))
      Microsoft.NETCore.Targets (>= 1.1) - restriction: || (== netcoreapp2.0) (== netstandard2.0) (&& (>= net45) (< net46) (>= netstandard1.3))
      System.IO (>= 4.3) - restriction: || (== netcoreapp2.0) (== netstandard2.0) (&& (>= net45) (< net46) (>= netstandard1.3))
      System.IO.FileSystem.Primitives (>= 4.3) - restriction: || (== netcoreapp2.0) (== netstandard2.0) (&& (>= net45) (>= netstandard1.3)) (>= net46)
      System.Runtime (>= 4.3) - restriction: || (== netcoreapp2.0) (== netstandard2.0) (&& (>= net45) (< net46) (>= netstandard1.3))
      System.Runtime.Handles (>= 4.3) - restriction: || (== netcoreapp2.0) (== netstandard2.0) (&& (>= net45) (< net46) (>= netstandard1.3))
      System.Text.Encoding (>= 4.3) - restriction: || (== netcoreapp2.0) (== netstandard2.0) (&& (>= net45) (< net46) (>= netstandard1.3))
      System.Threading.Tasks (>= 4.3) - restriction: || (== netcoreapp2.0) (== netstandard2.0) (&& (>= net45) (< net46) (>= netstandard1.3))
    System.IO.FileSystem.Primitives (4.3) - restriction: || (== netcoreapp2.0) (== netstandard2.0) (&& (>= dnxcore50) (>= net45) (>= netstandard2.0)) (&& (>= net45) (< net46) (>= netstandard2.0))
      System.Runtime (>= 4.3) - restriction: || (== netcoreapp2.0) (== netstandard2.0) (&& (>= net45) (< net46) (>= netstandard1.3))
    System.Linq (4.3) - restriction: || (== netcoreapp2.0) (== netstandard2.0) (&& (>= dnxcore50) (>= net45) (>= netstandard2.0)) (&& (>= dnxcore50) (>= net461)) (&& (< net35) (>= net45) (>= netstandard2.0)) (&& (< net35) (>= net461) (>= netstandard1.6)) (&& (< net35) (>= net463))
      System.Collections (>= 4.3) - restriction: || (== netcoreapp2.0) (== netstandard2.0) (&& (>= dnxcore50) (>= net45))
      System.Diagnostics.Debug (>= 4.3) - restriction: || (== netcoreapp2.0) (== netstandard2.0) (&& (>= dnxcore50) (>= net45))
      System.Resources.ResourceManager (>= 4.3) - restriction: || (== netcoreapp2.0) (== netstandard2.0) (&& (>= dnxcore50) (>= net45))
      System.Runtime (>= 4.3) - restriction: || (== netcoreapp2.0) (== netstandard2.0) (&& (>= dnxcore50) (>= net45))
      System.Runtime.Extensions (>= 4.3) - restriction: || (== netcoreapp2.0) (== netstandard2.0) (&& (>= dnxcore50) (>= net45))
    System.Memory (4.5.1) - restriction: || (== netcoreapp2.0) (== netstandard2.0) (&& (< net45) (>= net461) (>= netstandard2.0))
      System.Buffers (>= 4.4) - restriction: || (&& (== netcoreapp2.0) (>= monoandroid)) (&& (== netcoreapp2.0) (>= monotouch)) (&& (== netcoreapp2.0) (< netstandard1.1)) (&& (== netcoreapp2.0) (< netstandard2.0)) (&& (== netcoreapp2.0) (>= xamarinios)) (&& (== netcoreapp2.0) (>= xamarinmac)) (&& (== netcoreapp2.0) (>= xamarintvos)) (&& (== netcoreapp2.0) (>= xamarinwatchos)) (== netstandard2.0) (&& (>= monoandroid) (>= net45)) (&& (>= monotouch) (>= net45)) (&& (>= net45) (< netstandard1.1)) (&& (>= net45) (< netstandard2.0)) (&& (>= net45) (>= xamarinios)) (&& (>= net45) (>= xamarinmac)) (&& (>= net45) (>= xamarintvos)) (&& (>= net45) (>= xamarinwatchos)) (>= net461)
      System.Numerics.Vectors (>= 4.4) - restriction: || (== netstandard2.0) (>= net461)
      System.Runtime.CompilerServices.Unsafe (>= 4.5)
    System.Numerics.Vectors (4.5) - restriction: || (&& (== netcoreapp2.0) (>= net461)) (== netstandard2.0) (&& (< net45) (>= net461) (>= netstandard2.0))
    System.Reflection (4.3) - restriction: || (== netcoreapp2.0) (== netstandard2.0) (&& (>= dnxcore50) (>= net45) (>= netstandard2.0)) (&& (>= net45) (>= netcoreapp1.1) (>= netstandard2.0))
      Microsoft.NETCore.Platforms (>= 1.1) - restriction: || (== netcoreapp2.0) (== netstandard2.0) (&& (>= dnxcore50) (>= net45))
      Microsoft.NETCore.Targets (>= 1.1) - restriction: || (== netcoreapp2.0) (== netstandard2.0) (&& (>= dnxcore50) (>= net45))
      System.IO (>= 4.3) - restriction: || (== netcoreapp2.0) (== netstandard2.0) (&& (>= dnxcore50) (>= net45))
      System.Reflection.Primitives (>= 4.3) - restriction: || (== netcoreapp2.0) (== netstandard2.0) (&& (>= dnxcore50) (>= net45))
      System.Runtime (>= 4.3) - restriction: || (== netcoreapp2.0) (== netstandard2.0) (&& (>= dnxcore50) (>= net45))
    System.Reflection.Metadata (1.6) - restriction: || (== netcoreapp2.0) (== netstandard2.0) (&& (>= dnxcore50) (>= net45) (>= netstandard2.0)) (&& (>= net45) (< net46) (>= netstandard2.0))
      System.Collections.Immutable (>= 1.5)
    System.Reflection.Primitives (4.3) - restriction: || (== netcoreapp2.0) (== netstandard2.0) (&& (>= dnxcore50) (>= net45) (>= netstandard2.0)) (&& (>= net45) (>= netcoreapp1.1) (>= netstandard2.0))
      Microsoft.NETCore.Platforms (>= 1.1) - restriction: || (== netcoreapp2.0) (== netstandard2.0) (&& (>= dnxcore50) (>= net45))
      Microsoft.NETCore.Targets (>= 1.1) - restriction: || (== netcoreapp2.0) (== netstandard2.0) (&& (>= dnxcore50) (>= net45))
      System.Runtime (>= 4.3) - restriction: || (== netcoreapp2.0) (== netstandard2.0) (&& (>= dnxcore50) (>= net45))
    System.Resources.ResourceManager (4.3) - restriction: || (== netcoreapp2.0) (== netstandard2.0) (&& (>= dnxcore50) (>= net45) (>= netstandard2.0)) (&& (>= dnxcore50) (>= net461)) (&& (< net35) (>= net45) (>= netstandard2.0)) (&& (< net35) (>= net461) (>= netstandard1.6))
      Microsoft.NETCore.Platforms (>= 1.1) - restriction: || (== netcoreapp2.0) (== netstandard2.0) (&& (>= dnxcore50) (>= net45))
      Microsoft.NETCore.Targets (>= 1.1) - restriction: || (== netcoreapp2.0) (== netstandard2.0) (&& (>= dnxcore50) (>= net45))
      System.Globalization (>= 4.3) - restriction: || (== netcoreapp2.0) (== netstandard2.0) (&& (>= dnxcore50) (>= net45))
      System.Reflection (>= 4.3) - restriction: || (== netcoreapp2.0) (== netstandard2.0) (&& (>= dnxcore50) (>= net45))
      System.Runtime (>= 4.3) - restriction: || (== netcoreapp2.0) (== netstandard2.0) (&& (>= dnxcore50) (>= net45))
    System.Runtime (4.3) - restriction: || (== netcoreapp2.0) (== netstandard2.0) (&& (>= dnxcore50) (>= net45) (>= netstandard2.0)) (&& (>= net45) (< net46) (>= netstandard2.0))
      Microsoft.NETCore.Platforms (>= 1.1) - restriction: || (== netcoreapp2.0) (== netstandard2.0) (&& (>= dnxcore50) (>= net45))
      Microsoft.NETCore.Targets (>= 1.1) - restriction: || (== netcoreapp2.0) (== netstandard2.0) (&& (>= dnxcore50) (>= net45))
    System.Runtime.CompilerServices.Unsafe (4.5.1) - restriction: || (== netcoreapp2.0) (== netstandard2.0) (&& (>= monoandroid) (>= net461) (>= netstandard2.0)) (&& (>= monotouch) (>= net461) (>= netstandard2.0)) (&& (< net45) (>= net461) (>= netstandard2.0)) (&& (>= net461) (>= netcoreapp2.0)) (&& (>= net461) (< netstandard1.1) (>= netstandard2.0)) (&& (>= net461) (>= netstandard2.0) (>= uap10.1)) (&& (>= net461) (>= netstandard2.0) (>= xamarinios)) (&& (>= net461) (>= netstandard2.0) (>= xamarinmac)) (&& (>= net461) (>= netstandard2.0) (>= xamarintvos)) (&& (>= net461) (>= netstandard2.0) (>= xamarinwatchos))
    System.Runtime.Extensions (4.3) - restriction: || (== netcoreapp2.0) (== netstandard2.0) (&& (>= dnxcore50) (>= net45) (>= netstandard2.0)) (&& (>= net45) (< net46) (>= netstandard2.0))
      Microsoft.NETCore.Platforms (>= 1.1) - restriction: || (== netcoreapp2.0) (== netstandard2.0) (&& (>= dnxcore50) (>= net45))
      Microsoft.NETCore.Targets (>= 1.1) - restriction: || (== netcoreapp2.0) (== netstandard2.0) (&& (>= dnxcore50) (>= net45))
      System.Runtime (>= 4.3) - restriction: || (== netcoreapp2.0) (== netstandard2.0) (&& (>= dnxcore50) (>= net45))
    System.Runtime.Handles (4.3) - restriction: || (== netcoreapp2.0) (== netstandard2.0) (&& (>= dnxcore50) (>= net45) (>= netstandard2.0)) (&& (>= net45) (< net46) (>= netstandard2.0))
      Microsoft.NETCore.Platforms (>= 1.1) - restriction: || (== netcoreapp2.0) (== netstandard2.0) (&& (>= net45) (< net46) (>= netstandard1.3))
      Microsoft.NETCore.Targets (>= 1.1) - restriction: || (== netcoreapp2.0) (== netstandard2.0) (&& (>= net45) (< net46) (>= netstandard1.3))
      System.Runtime (>= 4.3) - restriction: || (== netcoreapp2.0) (== netstandard2.0) (&& (>= net45) (< net46) (>= netstandard1.3))
    System.Runtime.InteropServices (4.3) - restriction: || (== netcoreapp2.0) (== netstandard2.0) (&& (>= net45) (< net46) (>= netstandard2.0))
      Microsoft.NETCore.Platforms (>= 1.1) - restriction: || (== netcoreapp2.0) (== netstandard2.0) (&& (>= dnxcore50) (>= net45)) (&& (>= net45) (>= netcoreapp1.1))
      Microsoft.NETCore.Targets (>= 1.1) - restriction: || (== netcoreapp2.0) (== netstandard2.0) (&& (>= dnxcore50) (>= net45)) (&& (>= net45) (>= netcoreapp1.1))
      System.Reflection (>= 4.3) - restriction: || (== netcoreapp2.0) (== netstandard2.0) (&& (>= dnxcore50) (>= net45)) (&& (>= net45) (>= netcoreapp1.1))
      System.Reflection.Primitives (>= 4.3) - restriction: || (== netcoreapp2.0) (== netstandard2.0) (&& (>= dnxcore50) (>= net45)) (&& (>= net45) (>= netcoreapp1.1))
      System.Runtime (>= 4.3) - restriction: || (== netcoreapp2.0) (== netstandard2.0) (&& (>= dnxcore50) (>= net45)) (&& (>= net45) (>= netcoreapp1.1)) (>= net462)
      System.Runtime.Handles (>= 4.3) - restriction: || (== netcoreapp2.0) (== netstandard2.0) (&& (>= dnxcore50) (>= net45)) (&& (>= net45) (>= netcoreapp1.1))
    System.Runtime.Numerics (4.3) - restriction: || (== netcoreapp2.0) (== netstandard2.0) (&& (< net35) (>= net45) (>= netstandard2.0)) (&& (< net35) (>= net461) (>= netstandard1.6))
      System.Globalization (>= 4.3) - restriction: || (== netcoreapp2.0) (== netstandard2.0) (&& (>= dnxcore50) (>= net45))
      System.Resources.ResourceManager (>= 4.3) - restriction: || (== netcoreapp2.0) (== netstandard2.0) (&& (>= dnxcore50) (>= net45))
      System.Runtime (>= 4.3) - restriction: || (== netcoreapp2.0) (== netstandard2.0) (&& (>= dnxcore50) (>= net45))
      System.Runtime.Extensions (>= 4.3) - restriction: || (== netcoreapp2.0) (== netstandard2.0) (&& (>= dnxcore50) (>= net45))
    System.Security.AccessControl (4.5) - restriction: || (== netcoreapp2.0) (== netstandard2.0) (&& (>= monoandroid) (>= net461) (>= netstandard2.0)) (&& (>= monotouch) (>= net461) (>= netstandard2.0)) (&& (< net45) (>= net461) (>= netstandard2.0)) (&& (>= net461) (>= netstandard2.0) (>= xamarinios)) (&& (>= net461) (>= netstandard2.0) (>= xamarinmac)) (&& (>= net461) (>= netstandard2.0) (>= xamarintvos)) (&& (>= net461) (>= netstandard2.0) (>= xamarinwatchos))
      Microsoft.NETCore.Platforms (>= 2.0) - restriction: || (== netcoreapp2.0) (&& (== netstandard2.0) (>= netcoreapp2.0)) (&& (>= net45) (>= netcoreapp2.0))
      System.Security.Principal.Windows (>= 4.5) - restriction: || (== netcoreapp2.0) (== netstandard2.0) (&& (>= net45) (< net46) (>= netstandard2.0)) (&& (>= net45) (>= netcoreapp2.0)) (>= net461)
    System.Security.Cryptography.Algorithms (4.3.1) - restriction: || (== netcoreapp2.0) (== netstandard2.0) (&& (< net35) (>= net45) (>= netstandard2.0)) (&& (< net35) (>= net46) (>= netstandard2.0)) (&& (< net35) (>= net461))
      Microsoft.NETCore.Platforms (>= 1.1) - restriction: || (== netcoreapp2.0) (== netstandard2.0) (&& (>= dnxcore50) (>= net45)) (&& (>= net45) (< net46) (>= netstandard1.6))
      runtime.native.System.Security.Cryptography.Apple (>= 4.3.1) - restriction: || (== netcoreapp2.0) (== netstandard2.0) (&& (>= net45) (< net46) (>= netstandard1.6))
      runtime.native.System.Security.Cryptography.OpenSsl (>= 4.3.2) - restriction: || (== netcoreapp2.0) (== netstandard2.0) (&& (>= net45) (< net46) (>= netstandard1.6))
      System.Collections (>= 4.3) - restriction: || (== netcoreapp2.0) (== netstandard2.0) (&& (>= net45) (< net46) (>= netstandard1.6))
      System.IO (>= 4.3) - restriction: || (== netcoreapp2.0) (== netstandard2.0) (&& (>= dnxcore50) (>= net45)) (&& (>= net45) (< net46) (>= netstandard1.3) (< netstandard1.4)) (&& (>= net45) (< net46) (>= netstandard1.4) (< netstandard1.6)) (&& (>= net45) (< net46) (>= netstandard1.6)) (>= net463)
      System.Resources.ResourceManager (>= 4.3) - restriction: || (== netcoreapp2.0) (== netstandard2.0) (&& (>= dnxcore50) (>= net45)) (&& (>= net45) (< net46) (>= netstandard1.6))
      System.Runtime (>= 4.3) - restriction: || (== netcoreapp2.0) (== netstandard2.0) (&& (>= dnxcore50) (>= net45)) (&& (>= net45) (< net46) (>= netstandard1.3) (< netstandard1.4)) (&& (>= net45) (< net46) (>= netstandard1.4) (< netstandard1.6)) (&& (>= net45) (< net46) (>= netstandard1.6)) (>= net463)
      System.Runtime.Extensions (>= 4.3) - restriction: || (== netcoreapp2.0) (== netstandard2.0) (&& (>= dnxcore50) (>= net45)) (&& (>= net45) (< net46) (>= netstandard1.6))
      System.Runtime.Handles (>= 4.3) - restriction: || (== netcoreapp2.0) (== netstandard2.0) (&& (>= dnxcore50) (>= net45)) (&& (>= net45) (< net46) (>= netstandard1.6))
      System.Runtime.InteropServices (>= 4.3) - restriction: || (== netcoreapp2.0) (== netstandard2.0) (&& (>= dnxcore50) (>= net45)) (&& (>= net45) (< net46) (>= netstandard1.6))
      System.Runtime.Numerics (>= 4.3) - restriction: || (== netcoreapp2.0) (== netstandard2.0) (&& (>= net45) (< net46) (>= netstandard1.6))
      System.Security.Cryptography.Encoding (>= 4.3) - restriction: || (== netcoreapp2.0) (== netstandard2.0) (&& (>= dnxcore50) (>= net45)) (&& (>= net45) (< net46) (>= netstandard1.6)) (>= net463)
      System.Security.Cryptography.Primitives (>= 4.3) - restriction: || (== netcoreapp2.0) (== netstandard2.0) (&& (>= dnxcore50) (>= net45)) (&& (>= net45) (< net46) (>= netstandard1.3) (< netstandard1.4)) (&& (>= net45) (< net46) (>= netstandard1.4) (< netstandard1.6)) (&& (>= net45) (< net46) (>= netstandard1.6)) (&& (>= net46) (< netstandard1.4)) (&& (>= net461) (< netstandard1.6)) (>= net463)
      System.Text.Encoding (>= 4.3) - restriction: || (== netcoreapp2.0) (== netstandard2.0) (&& (>= dnxcore50) (>= net45)) (&& (>= net45) (< net46) (>= netstandard1.6))
    System.Security.Cryptography.Csp (4.3) - restriction: || (== netcoreapp2.0) (== netstandard2.0) (&& (< net35) (>= net45) (>= netstandard2.0)) (&& (< net35) (>= net461))
      Microsoft.NETCore.Platforms (>= 1.1) - restriction: || (== netcoreapp2.0) (== netstandard2.0) (&& (>= net45) (< net46) (>= netstandard1.3))
      System.IO (>= 4.3) - restriction: || (== netcoreapp2.0) (== netstandard2.0) (&& (>= net45) (< net46) (>= netstandard1.3))
      System.Reflection (>= 4.3) - restriction: || (== netcoreapp2.0) (== netstandard2.0) (&& (>= net45) (< net46) (>= netstandard1.3))
      System.Resources.ResourceManager (>= 4.3) - restriction: || (== netcoreapp2.0) (== netstandard2.0) (&& (>= net45) (< net46) (>= netstandard1.3))
      System.Runtime (>= 4.3) - restriction: || (== netcoreapp2.0) (== netstandard2.0) (&& (>= net45) (< net46) (>= netstandard1.3))
      System.Runtime.Extensions (>= 4.3) - restriction: || (== netcoreapp2.0) (== netstandard2.0) (&& (>= net45) (< net46) (>= netstandard1.3))
      System.Runtime.Handles (>= 4.3) - restriction: || (== netcoreapp2.0) (== netstandard2.0) (&& (>= net45) (< net46) (>= netstandard1.3))
      System.Runtime.InteropServices (>= 4.3) - restriction: || (== netcoreapp2.0) (== netstandard2.0) (&& (>= net45) (< net46) (>= netstandard1.3))
      System.Security.Cryptography.Algorithms (>= 4.3) - restriction: || (== netcoreapp2.0) (== netstandard2.0) (&& (>= net45) (>= netstandard1.3)) (>= net46)
      System.Security.Cryptography.Encoding (>= 4.3) - restriction: || (== netcoreapp2.0) (== netstandard2.0) (&& (>= net45) (< net46) (>= netstandard1.3))
      System.Security.Cryptography.Primitives (>= 4.3) - restriction: || (== netcoreapp2.0) (== netstandard2.0) (&& (>= net45) (>= netstandard1.3)) (>= net46)
      System.Text.Encoding (>= 4.3) - restriction: || (== netcoreapp2.0) (== netstandard2.0) (&& (>= net45) (< net46) (>= netstandard1.3))
      System.Threading (>= 4.3) - restriction: || (== netcoreapp2.0) (== netstandard2.0) (&& (>= net45) (< net46) (>= netstandard1.3))
    System.Security.Cryptography.Encoding (4.3) - restriction: || (== netcoreapp2.0) (== netstandard2.0) (&& (>= dnxcore50) (>= net45) (>= netstandard2.0)) (&& (>= dnxcore50) (>= net461)) (&& (< net35) (>= net45) (>= netstandard2.0)) (&& (< net35) (>= net461) (>= netstandard1.6)) (&& (< net35) (>= net463))
      Microsoft.NETCore.Platforms (>= 1.1) - restriction: || (== netcoreapp2.0) (== netstandard2.0) (&& (>= net45) (< net46) (>= netstandard1.3))
      runtime.native.System.Security.Cryptography.OpenSsl (>= 4.3) - restriction: || (== netcoreapp2.0) (== netstandard2.0) (&& (>= net45) (< net46) (>= netstandard1.3))
      System.Collections (>= 4.3) - restriction: || (== netcoreapp2.0) (== netstandard2.0) (&& (>= net45) (< net46) (>= netstandard1.3))
      System.Collections.Concurrent (>= 4.3) - restriction: || (== netcoreapp2.0) (== netstandard2.0) (&& (>= net45) (< net46) (>= netstandard1.3))
      System.Linq (>= 4.3) - restriction: || (== netcoreapp2.0) (== netstandard2.0) (&& (>= net45) (< net46) (>= netstandard1.3))
      System.Resources.ResourceManager (>= 4.3) - restriction: || (== netcoreapp2.0) (== netstandard2.0) (&& (>= net45) (< net46) (>= netstandard1.3))
      System.Runtime (>= 4.3) - restriction: || (== netcoreapp2.0) (== netstandard2.0) (&& (>= net45) (< net46) (>= netstandard1.3))
      System.Runtime.Extensions (>= 4.3) - restriction: || (== netcoreapp2.0) (== netstandard2.0) (&& (>= net45) (< net46) (>= netstandard1.3))
      System.Runtime.Handles (>= 4.3) - restriction: || (== netcoreapp2.0) (== netstandard2.0) (&& (>= net45) (< net46) (>= netstandard1.3))
      System.Runtime.InteropServices (>= 4.3) - restriction: || (== netcoreapp2.0) (== netstandard2.0) (&& (>= net45) (< net46) (>= netstandard1.3))
      System.Security.Cryptography.Primitives (>= 4.3) - restriction: || (== netcoreapp2.0) (== netstandard2.0) (&& (>= net45) (< net46) (>= netstandard1.3))
      System.Text.Encoding (>= 4.3) - restriction: || (== netcoreapp2.0) (== netstandard2.0) (&& (>= net45) (< net46) (>= netstandard1.3))
    System.Security.Cryptography.Primitives (4.3) - restriction: || (== netcoreapp2.0) (== netstandard2.0) (&& (>= dnxcore50) (>= net45) (>= netstandard2.0)) (&& (>= dnxcore50) (>= net461)) (&& (< net35) (>= net45) (>= netstandard2.0)) (&& (< net35) (>= net46) (< netstandard1.4) (>= netstandard2.0)) (&& (< net35) (>= net461) (< netstandard1.4)) (&& (< net35) (>= net461) (>= netstandard1.6)) (&& (< net35) (>= net461) (< netstandard1.6)) (&& (< net35) (>= net463))
      System.Diagnostics.Debug (>= 4.3) - restriction: || (== netcoreapp2.0) (== netstandard2.0) (&& (>= net45) (< net46) (>= netstandard1.3))
      System.Globalization (>= 4.3) - restriction: || (== netcoreapp2.0) (== netstandard2.0) (&& (>= net45) (< net46) (>= netstandard1.3))
      System.IO (>= 4.3) - restriction: || (== netcoreapp2.0) (== netstandard2.0) (&& (>= net45) (< net46) (>= netstandard1.3))
      System.Resources.ResourceManager (>= 4.3) - restriction: || (== netcoreapp2.0) (== netstandard2.0) (&& (>= net45) (< net46) (>= netstandard1.3))
      System.Runtime (>= 4.3) - restriction: || (== netcoreapp2.0) (== netstandard2.0) (&& (>= net45) (< net46) (>= netstandard1.3))
      System.Threading (>= 4.3) - restriction: || (== netcoreapp2.0) (== netstandard2.0) (&& (>= net45) (< net46) (>= netstandard1.3))
      System.Threading.Tasks (>= 4.3) - restriction: || (== netcoreapp2.0) (== netstandard2.0) (&& (>= net45) (< net46) (>= netstandard1.3))
    System.Security.Cryptography.ProtectedData (4.5) - restriction: || (== netcoreapp2.0) (== netstandard2.0) (&& (< net45) (>= net461) (>= netstandard2.0))
      System.Memory (>= 4.5) - restriction: || (== netcoreapp2.0) (== netstandard2.0) (&& (>= net45) (< net46) (>= netstandard2.0))
    System.Security.Permissions (4.5) - restriction: || (== netcoreapp2.0) (== netstandard2.0) (&& (>= monoandroid) (>= net461) (>= netstandard2.0)) (&& (>= monotouch) (>= net461) (>= netstandard2.0)) (&& (< net45) (>= net461) (>= netstandard2.0)) (&& (>= net461) (>= netstandard2.0) (>= xamarinios)) (&& (>= net461) (>= netstandard2.0) (>= xamarinmac)) (&& (>= net461) (>= netstandard2.0) (>= xamarintvos)) (&& (>= net461) (>= netstandard2.0) (>= xamarinwatchos))
      System.Security.AccessControl (>= 4.5) - restriction: || (== netcoreapp2.0) (== netstandard2.0) (&& (>= net45) (>= netstandard2.0)) (>= net461)
    System.Security.Principal.Windows (4.5) - restriction: || (== netcoreapp2.0) (== netstandard2.0) (&& (>= monoandroid) (>= net461) (>= netstandard2.0)) (&& (>= monotouch) (>= net461) (>= netstandard2.0)) (&& (< net45) (>= net461) (>= netstandard2.0)) (&& (>= net461) (>= netcoreapp2.0)) (&& (>= net461) (>= netstandard2.0) (>= xamarinios)) (&& (>= net461) (>= netstandard2.0) (>= xamarinmac)) (&& (>= net461) (>= netstandard2.0) (>= xamarintvos)) (&& (>= net461) (>= netstandard2.0) (>= xamarinwatchos))
      Microsoft.NETCore.Platforms (>= 2.0) - restriction: || (== netcoreapp2.0) (&& (== netstandard2.0) (>= netcoreapp2.0)) (&& (>= net45) (>= netcoreapp2.0))
    System.Text.Encoding (4.3) - restriction: || (== netcoreapp2.0) (== netstandard2.0) (&& (>= dnxcore50) (>= net45) (>= netstandard2.0))
      Microsoft.NETCore.Platforms (>= 1.1) - restriction: || (== netcoreapp2.0) (== netstandard2.0) (&& (>= dnxcore50) (>= net45))
      Microsoft.NETCore.Targets (>= 1.1) - restriction: || (== netcoreapp2.0) (== netstandard2.0) (&& (>= dnxcore50) (>= net45))
      System.Runtime (>= 4.3) - restriction: || (== netcoreapp2.0) (== netstandard2.0) (&& (>= dnxcore50) (>= net45))
    System.Threading (4.3) - restriction: || (== netcoreapp2.0) (== netstandard2.0) (&& (< net35) (>= net45) (>= netstandard2.0)) (&& (< net35) (>= net461))
      System.Runtime (>= 4.3) - restriction: || (== netcoreapp2.0) (== netstandard2.0) (&& (>= dnxcore50) (>= net45))
      System.Threading.Tasks (>= 4.3) - restriction: || (== netcoreapp2.0) (== netstandard2.0) (&& (>= dnxcore50) (>= net45))
    System.Threading.Tasks (4.3) - restriction: || (== netcoreapp2.0) (== netstandard2.0) (&& (>= dnxcore50) (>= net45) (>= netstandard2.0))
      Microsoft.NETCore.Platforms (>= 1.1) - restriction: || (== netcoreapp2.0) (== netstandard2.0) (&& (>= dnxcore50) (>= net45))
      Microsoft.NETCore.Targets (>= 1.1) - restriction: || (== netcoreapp2.0) (== netstandard2.0) (&& (>= dnxcore50) (>= net45))
      System.Runtime (>= 4.3) - restriction: || (== netcoreapp2.0) (== netstandard2.0) (&& (>= dnxcore50) (>= net45))
    System.ValueTuple (4.5) - restriction: || (== netcoreapp2.0) (== netstandard2.0) (&& (>= net45) (< net452) (>= netstandard1.6))

GROUP build
STORAGE: NONE
RESTRICTION: == netcoreapp2.0
NUGET
  remote: https://api.nuget.org/v3/index.json
    BlackFox.Fake.BuildTask (0.1.3)
      Fake.Core.Target (>= 5.1)
      FSharp.Core (>= 4.3.4)
    Fake.Api.GitHub (5.6.1)
      FSharp.Core (>= 4.3.4)
      Octokit (>= 0.32)
    Fake.BuildServer.TeamFoundation (5.6.1)
      Fake.Core.Environment (>= 5.6.1)
      Fake.Core.String (>= 5.6.1)
      Fake.Core.Trace (>= 5.6.1)
      Fake.Core.Vault (>= 5.6.1)
      Fake.IO.FileSystem (>= 5.6.1)
      FSharp.Core (>= 4.3.4)
      System.Diagnostics.FileVersionInfo (>= 4.3)
      System.Diagnostics.Process (>= 4.3)
      System.IO.FileSystem.Watcher (>= 4.3)
      System.Xml.ReaderWriter (>= 4.3.1)
      System.Xml.XDocument (>= 4.3)
      System.Xml.XmlDocument (>= 4.3)
      System.Xml.XPath (>= 4.3)
      System.Xml.XPath.XDocument (>= 4.3)
      System.Xml.XPath.XmlDocument (>= 4.3)
    Fake.Core.CommandLineParsing (5.6.1)
      FParsec (>= 1.0.3)
      FSharp.Core (>= 4.3.4)
    Fake.Core.Context (5.6.1)
      FSharp.Core (>= 4.3.4)
    Fake.Core.Environment (5.6.1)
      FSharp.Core (>= 4.3.4)
    Fake.Core.FakeVar (5.6.1)
      Fake.Core.Context (>= 5.6.1)
      FSharp.Core (>= 4.3.4)
    Fake.Core.Process (5.6.1)
      Fake.Core.Environment (>= 5.6.1)
      Fake.Core.FakeVar (>= 5.6.1)
      Fake.Core.String (>= 5.6.1)
      Fake.Core.Trace (>= 5.6.1)
      Fake.IO.FileSystem (>= 5.6.1)
      FSharp.Core (>= 4.3.4)
      System.Diagnostics.Process (>= 4.3)
    Fake.Core.ReleaseNotes (5.6.1)
      Fake.Core.SemVer (>= 5.6.1)
      Fake.Core.String (>= 5.6.1)
      FSharp.Core (>= 4.3.4)
    Fake.Core.SemVer (5.6.1)
      FSharp.Core (>= 4.3.4)
      System.Runtime.Numerics (>= 4.3)
    Fake.Core.String (5.6.1)
      FSharp.Core (>= 4.3.4)
    Fake.Core.Target (5.6.1)
      Fake.Core.CommandLineParsing (>= 5.6.1)
      Fake.Core.Context (>= 5.6.1)
      Fake.Core.Environment (>= 5.6.1)
      Fake.Core.FakeVar (>= 5.6.1)
      Fake.Core.Process (>= 5.6.1)
      Fake.Core.String (>= 5.6.1)
      Fake.Core.Trace (>= 5.6.1)
      FSharp.Control.Reactive (>= 4.1)
      FSharp.Core (>= 4.3.4)
      System.Reactive.Compatibility (>= 4.1)
    Fake.Core.Trace (5.6.1)
      Fake.Core.Environment (>= 5.6.1)
      Fake.Core.FakeVar (>= 5.6.1)
      FSharp.Core (>= 4.3.4)
    Fake.Core.UserInput (5.6.1)
    Fake.Core.Vault (5.6.1)
      FSharp.Core (>= 4.3.4)
      Newtonsoft.Json (>= 11.0.2)
      System.Security.Cryptography.Algorithms (>= 4.3.1)
    Fake.DotNet.AssemblyInfoFile (5.6.1)
      Fake.Core.Environment (>= 5.6.1)
      Fake.Core.String (>= 5.6.1)
      Fake.Core.Trace (>= 5.6.1)
      Fake.IO.FileSystem (>= 5.6.1)
      FSharp.Core (>= 4.3.4)
    Fake.DotNet.Cli (5.6.1)
      Fake.Core.Environment (>= 5.6.1)
      Fake.Core.Process (>= 5.6.1)
      Fake.Core.String (>= 5.6.1)
      Fake.Core.Trace (>= 5.6.1)
      Fake.IO.FileSystem (>= 5.6.1)
      FSharp.Core (>= 4.3.4)
      Newtonsoft.Json (>= 11.0.2)
    Fake.DotNet.Paket (5.6.1)
      Fake.Core.Process (>= 5.6.1)
      Fake.Core.String (>= 5.6.1)
      Fake.Core.Trace (>= 5.6.1)
      Fake.IO.FileSystem (>= 5.6.1)
      FSharp.Core (>= 4.3.4)
    Fake.DotNet.Testing.Expecto (5.6.1)
      Fake.Core.Process (>= 5.6.1)
      Fake.Core.String (>= 5.6.1)
      Fake.Core.Trace (>= 5.6.1)
      Fake.IO.FileSystem (>= 5.6.1)
      Fake.Testing.Common (>= 5.6.1)
      FSharp.Core (>= 4.3.4)
    Fake.IO.FileSystem (5.6.1)
      Fake.Core.String (>= 5.6.1)
      FSharp.Core (>= 4.3.4)
      System.Diagnostics.FileVersionInfo (>= 4.3)
      System.IO.FileSystem.Watcher (>= 4.3)
    Fake.IO.Zip (5.6.1)
      Fake.Core.String (>= 5.6.1)
      Fake.IO.FileSystem (>= 5.6.1)
      FSharp.Core (>= 4.3.4)
      System.IO.Compression (>= 4.3)
      System.IO.Compression.ZipFile (>= 4.3)
    Fake.Testing.Common (5.6.1)
      Fake.Core.Trace (>= 5.6.1)
      FSharp.Core (>= 4.3.4)
    Fake.Tools.Git (5.6.1)
      Fake.Core.Environment (>= 5.6.1)
      Fake.Core.Process (>= 5.6.1)
      Fake.Core.SemVer (>= 5.6.1)
      Fake.Core.String (>= 5.6.1)
      Fake.Core.Trace (>= 5.6.1)
      Fake.IO.FileSystem (>= 5.6.1)
      FSharp.Core (>= 4.3.4)
    FParsec (1.0.3)
      FSharp.Core (>= 4.2.3)
      NETStandard.Library (>= 1.6.1)
    FSharp.Control.Reactive (4.1)
      FSharp.Core (>= 4.2.3)
      System.Reactive (>= 4.0)
    FSharp.Core (4.5.2)
    Microsoft.NETCore.Platforms (2.1.1)
    Microsoft.NETCore.Targets (2.1)
    Microsoft.Win32.Primitives (4.3)
      Microsoft.NETCore.Platforms (>= 1.1)
      Microsoft.NETCore.Targets (>= 1.1)
      System.Runtime (>= 4.3)
    Microsoft.Win32.Registry (4.5)
      System.Memory (>= 4.5)
      System.Security.AccessControl (>= 4.5)
      System.Security.Principal.Windows (>= 4.5)
    NETStandard.Library (2.0.3)
      Microsoft.NETCore.Platforms (>= 1.1)
    Newtonsoft.Json (11.0.2)
    Octokit (0.32)
      NETStandard.Library (>= 1.6)
    runtime.debian.8-x64.runtime.native.System.Security.Cryptography.OpenSsl (4.3.3)
    runtime.debian.9-x64.runtime.native.System.Security.Cryptography.OpenSsl (4.3.3)
    runtime.fedora.23-x64.runtime.native.System.Security.Cryptography.OpenSsl (4.3.3)
    runtime.fedora.24-x64.runtime.native.System.Security.Cryptography.OpenSsl (4.3.3)
    runtime.fedora.27-x64.runtime.native.System.Security.Cryptography.OpenSsl (4.3.3)
    runtime.fedora.28-x64.runtime.native.System.Security.Cryptography.OpenSsl (4.3.3)
    runtime.native.System (4.3.1)
      Microsoft.NETCore.Platforms (>= 1.1.1)
      Microsoft.NETCore.Targets (>= 1.1.3)
    runtime.native.System.IO.Compression (4.3.2)
      Microsoft.NETCore.Platforms (>= 1.1.1)
      Microsoft.NETCore.Targets (>= 1.1.3)
    runtime.native.System.Security.Cryptography.Apple (4.3.1)
      runtime.osx.10.10-x64.runtime.native.System.Security.Cryptography.Apple (>= 4.3.1)
    runtime.native.System.Security.Cryptography.OpenSsl (4.3.3)
      runtime.debian.8-x64.runtime.native.System.Security.Cryptography.OpenSsl (>= 4.3.3)
      runtime.debian.9-x64.runtime.native.System.Security.Cryptography.OpenSsl (>= 4.3.3)
      runtime.fedora.23-x64.runtime.native.System.Security.Cryptography.OpenSsl (>= 4.3.3)
      runtime.fedora.24-x64.runtime.native.System.Security.Cryptography.OpenSsl (>= 4.3.3)
      runtime.fedora.27-x64.runtime.native.System.Security.Cryptography.OpenSsl (>= 4.3.3)
      runtime.fedora.28-x64.runtime.native.System.Security.Cryptography.OpenSsl (>= 4.3.3)
      runtime.opensuse.13.2-x64.runtime.native.System.Security.Cryptography.OpenSsl (>= 4.3.3)
      runtime.opensuse.42.1-x64.runtime.native.System.Security.Cryptography.OpenSsl (>= 4.3.3)
      runtime.opensuse.42.3-x64.runtime.native.System.Security.Cryptography.OpenSsl (>= 4.3.3)
      runtime.osx.10.10-x64.runtime.native.System.Security.Cryptography.OpenSsl (>= 4.3.3)
      runtime.rhel.7-x64.runtime.native.System.Security.Cryptography.OpenSsl (>= 4.3.3)
      runtime.ubuntu.14.04-x64.runtime.native.System.Security.Cryptography.OpenSsl (>= 4.3.3)
      runtime.ubuntu.16.04-x64.runtime.native.System.Security.Cryptography.OpenSsl (>= 4.3.3)
      runtime.ubuntu.16.10-x64.runtime.native.System.Security.Cryptography.OpenSsl (>= 4.3.3)
      runtime.ubuntu.18.04-x64.runtime.native.System.Security.Cryptography.OpenSsl (>= 4.3.3)
    runtime.opensuse.13.2-x64.runtime.native.System.Security.Cryptography.OpenSsl (4.3.3)
    runtime.opensuse.42.1-x64.runtime.native.System.Security.Cryptography.OpenSsl (4.3.3)
    runtime.opensuse.42.3-x64.runtime.native.System.Security.Cryptography.OpenSsl (4.3.3)
    runtime.osx.10.10-x64.runtime.native.System.Security.Cryptography.Apple (4.3.1)
    runtime.osx.10.10-x64.runtime.native.System.Security.Cryptography.OpenSsl (4.3.3)
    runtime.rhel.7-x64.runtime.native.System.Security.Cryptography.OpenSsl (4.3.3)
    runtime.ubuntu.14.04-x64.runtime.native.System.Security.Cryptography.OpenSsl (4.3.3)
    runtime.ubuntu.16.04-x64.runtime.native.System.Security.Cryptography.OpenSsl (4.3.3)
    runtime.ubuntu.16.10-x64.runtime.native.System.Security.Cryptography.OpenSsl (4.3.3)
    runtime.ubuntu.18.04-x64.runtime.native.System.Security.Cryptography.OpenSsl (4.3.3)
    System.Buffers (4.5)
    System.Collections (4.3)
      Microsoft.NETCore.Platforms (>= 1.1)
      Microsoft.NETCore.Targets (>= 1.1)
      System.Runtime (>= 4.3)
    System.Collections.Concurrent (4.3)
      System.Collections (>= 4.3)
      System.Diagnostics.Debug (>= 4.3)
      System.Diagnostics.Tracing (>= 4.3)
      System.Globalization (>= 4.3)
      System.Reflection (>= 4.3)
      System.Resources.ResourceManager (>= 4.3)
      System.Runtime (>= 4.3)
      System.Runtime.Extensions (>= 4.3)
      System.Threading (>= 4.3)
      System.Threading.Tasks (>= 4.3)
    System.Collections.Immutable (1.5)
    System.Diagnostics.Debug (4.3)
      Microsoft.NETCore.Platforms (>= 1.1)
      Microsoft.NETCore.Targets (>= 1.1)
      System.Runtime (>= 4.3)
    System.Diagnostics.FileVersionInfo (4.3)
      Microsoft.NETCore.Platforms (>= 1.1)
      System.Globalization (>= 4.3)
      System.IO (>= 4.3)
      System.IO.FileSystem (>= 4.3)
      System.IO.FileSystem.Primitives (>= 4.3)
      System.Reflection.Metadata (>= 1.4.1)
      System.Runtime (>= 4.3)
      System.Runtime.Extensions (>= 4.3)
      System.Runtime.InteropServices (>= 4.3)
    System.Diagnostics.Process (4.3)
      Microsoft.NETCore.Platforms (>= 1.1)
      Microsoft.Win32.Primitives (>= 4.3)
      Microsoft.Win32.Registry (>= 4.3)
      runtime.native.System (>= 4.3)
      System.Collections (>= 4.3)
      System.Diagnostics.Debug (>= 4.3)
      System.Globalization (>= 4.3)
      System.IO (>= 4.3)
      System.IO.FileSystem (>= 4.3)
      System.IO.FileSystem.Primitives (>= 4.3)
      System.Resources.ResourceManager (>= 4.3)
      System.Runtime (>= 4.3)
      System.Runtime.Extensions (>= 4.3)
      System.Runtime.Handles (>= 4.3)
      System.Runtime.InteropServices (>= 4.3)
      System.Text.Encoding (>= 4.3)
      System.Text.Encoding.Extensions (>= 4.3)
      System.Threading (>= 4.3)
      System.Threading.Tasks (>= 4.3)
      System.Threading.Thread (>= 4.3)
      System.Threading.ThreadPool (>= 4.3)
    System.Diagnostics.Tools (4.3)
      Microsoft.NETCore.Platforms (>= 1.1)
      Microsoft.NETCore.Targets (>= 1.1)
      System.Runtime (>= 4.3)
    System.Diagnostics.Tracing (4.3)
      Microsoft.NETCore.Platforms (>= 1.1)
      Microsoft.NETCore.Targets (>= 1.1)
      System.Runtime (>= 4.3)
    System.Globalization (4.3)
      Microsoft.NETCore.Platforms (>= 1.1)
      Microsoft.NETCore.Targets (>= 1.1)
      System.Runtime (>= 4.3)
    System.IO (4.3)
      Microsoft.NETCore.Platforms (>= 1.1)
      Microsoft.NETCore.Targets (>= 1.1)
      System.Runtime (>= 4.3)
      System.Text.Encoding (>= 4.3)
      System.Threading.Tasks (>= 4.3)
    System.IO.Compression (4.3)
      Microsoft.NETCore.Platforms (>= 1.1)
      runtime.native.System (>= 4.3)
      runtime.native.System.IO.Compression (>= 4.3)
      System.Buffers (>= 4.3)
      System.Collections (>= 4.3)
      System.Diagnostics.Debug (>= 4.3)
      System.IO (>= 4.3)
      System.Resources.ResourceManager (>= 4.3)
      System.Runtime (>= 4.3)
      System.Runtime.Extensions (>= 4.3)
      System.Runtime.Handles (>= 4.3)
      System.Runtime.InteropServices (>= 4.3)
      System.Text.Encoding (>= 4.3)
      System.Threading (>= 4.3)
      System.Threading.Tasks (>= 4.3)
    System.IO.Compression.ZipFile (4.3)
      System.Buffers (>= 4.3)
      System.IO (>= 4.3)
      System.IO.Compression (>= 4.3)
      System.IO.FileSystem (>= 4.3)
      System.IO.FileSystem.Primitives (>= 4.3)
      System.Resources.ResourceManager (>= 4.3)
      System.Runtime (>= 4.3)
      System.Runtime.Extensions (>= 4.3)
      System.Text.Encoding (>= 4.3)
    System.IO.FileSystem (4.3)
      Microsoft.NETCore.Platforms (>= 1.1)
      Microsoft.NETCore.Targets (>= 1.1)
      System.IO (>= 4.3)
      System.IO.FileSystem.Primitives (>= 4.3)
      System.Runtime (>= 4.3)
      System.Runtime.Handles (>= 4.3)
      System.Text.Encoding (>= 4.3)
      System.Threading.Tasks (>= 4.3)
    System.IO.FileSystem.Primitives (4.3)
      System.Runtime (>= 4.3)
    System.IO.FileSystem.Watcher (4.3)
      Microsoft.NETCore.Platforms (>= 1.1)
      Microsoft.Win32.Primitives (>= 4.3)
      runtime.native.System (>= 4.3)
      System.Collections (>= 4.3)
      System.IO.FileSystem (>= 4.3)
      System.IO.FileSystem.Primitives (>= 4.3)
      System.Resources.ResourceManager (>= 4.3)
      System.Runtime (>= 4.3)
      System.Runtime.Extensions (>= 4.3)
      System.Runtime.Handles (>= 4.3)
      System.Runtime.InteropServices (>= 4.3)
      System.Text.Encoding (>= 4.3)
      System.Threading (>= 4.3)
      System.Threading.Overlapped (>= 4.3)
      System.Threading.Tasks (>= 4.3)
      System.Threading.Thread (>= 4.3)
    System.Linq (4.3)
      System.Collections (>= 4.3)
      System.Diagnostics.Debug (>= 4.3)
      System.Resources.ResourceManager (>= 4.3)
      System.Runtime (>= 4.3)
      System.Runtime.Extensions (>= 4.3)
    System.Memory (4.5.1)
      System.Runtime.CompilerServices.Unsafe (>= 4.5)
    System.Reactive (4.1)
      System.Runtime.InteropServices.WindowsRuntime (>= 4.3)
      System.Threading.Tasks.Extensions (>= 4.5.1)
    System.Reactive.Compatibility (4.1)
      System.Reactive.Core (>= 4.1)
      System.Reactive.Interfaces (>= 4.1)
      System.Reactive.Linq (>= 4.1)
      System.Reactive.PlatformServices (>= 4.1)
      System.Reactive.Providers (>= 4.1)
    System.Reactive.Core (4.1)
      System.Reactive (>= 4.1)
      System.Threading.Tasks.Extensions (>= 4.5.1)
    System.Reactive.Interfaces (4.1)
      System.Reactive (>= 4.1)
      System.Threading.Tasks.Extensions (>= 4.5.1)
    System.Reactive.Linq (4.1)
      System.Reactive (>= 4.1)
      System.Threading.Tasks.Extensions (>= 4.5.1)
    System.Reactive.PlatformServices (4.1)
      System.Reactive (>= 4.1)
      System.Threading.Tasks.Extensions (>= 4.5.1)
    System.Reactive.Providers (4.1)
      System.Reactive (>= 4.1)
      System.Threading.Tasks.Extensions (>= 4.5.1)
    System.Reflection (4.3)
      Microsoft.NETCore.Platforms (>= 1.1)
      Microsoft.NETCore.Targets (>= 1.1)
      System.IO (>= 4.3)
      System.Reflection.Primitives (>= 4.3)
      System.Runtime (>= 4.3)
    System.Reflection.Metadata (1.6)
      System.Collections.Immutable (>= 1.5)
    System.Reflection.Primitives (4.3)
      Microsoft.NETCore.Platforms (>= 1.1)
      Microsoft.NETCore.Targets (>= 1.1)
      System.Runtime (>= 4.3)
    System.Resources.ResourceManager (4.3)
      Microsoft.NETCore.Platforms (>= 1.1)
      Microsoft.NETCore.Targets (>= 1.1)
      System.Globalization (>= 4.3)
      System.Reflection (>= 4.3)
      System.Runtime (>= 4.3)
    System.Runtime (4.3)
      Microsoft.NETCore.Platforms (>= 1.1)
      Microsoft.NETCore.Targets (>= 1.1)
    System.Runtime.CompilerServices.Unsafe (4.5.1)
    System.Runtime.Extensions (4.3)
      Microsoft.NETCore.Platforms (>= 1.1)
      Microsoft.NETCore.Targets (>= 1.1)
      System.Runtime (>= 4.3)
    System.Runtime.Handles (4.3)
      Microsoft.NETCore.Platforms (>= 1.1)
      Microsoft.NETCore.Targets (>= 1.1)
      System.Runtime (>= 4.3)
    System.Runtime.InteropServices (4.3)
      Microsoft.NETCore.Platforms (>= 1.1)
      Microsoft.NETCore.Targets (>= 1.1)
      System.Reflection (>= 4.3)
      System.Reflection.Primitives (>= 4.3)
      System.Runtime (>= 4.3)
      System.Runtime.Handles (>= 4.3)
    System.Runtime.InteropServices.WindowsRuntime (4.3)
      System.Runtime (>= 4.3)
    System.Runtime.Numerics (4.3)
      System.Globalization (>= 4.3)
      System.Resources.ResourceManager (>= 4.3)
      System.Runtime (>= 4.3)
      System.Runtime.Extensions (>= 4.3)
    System.Security.AccessControl (4.5)
      Microsoft.NETCore.Platforms (>= 2.0)
      System.Security.Principal.Windows (>= 4.5)
    System.Security.Cryptography.Algorithms (4.3.1)
      Microsoft.NETCore.Platforms (>= 1.1)
      runtime.native.System.Security.Cryptography.Apple (>= 4.3.1)
      runtime.native.System.Security.Cryptography.OpenSsl (>= 4.3.2)
      System.Collections (>= 4.3)
      System.IO (>= 4.3)
      System.Resources.ResourceManager (>= 4.3)
      System.Runtime (>= 4.3)
      System.Runtime.Extensions (>= 4.3)
      System.Runtime.Handles (>= 4.3)
      System.Runtime.InteropServices (>= 4.3)
      System.Runtime.Numerics (>= 4.3)
      System.Security.Cryptography.Encoding (>= 4.3)
      System.Security.Cryptography.Primitives (>= 4.3)
      System.Text.Encoding (>= 4.3)
    System.Security.Cryptography.Encoding (4.3)
      Microsoft.NETCore.Platforms (>= 1.1)
      runtime.native.System.Security.Cryptography.OpenSsl (>= 4.3)
      System.Collections (>= 4.3)
      System.Collections.Concurrent (>= 4.3)
      System.Linq (>= 4.3)
      System.Resources.ResourceManager (>= 4.3)
      System.Runtime (>= 4.3)
      System.Runtime.Extensions (>= 4.3)
      System.Runtime.Handles (>= 4.3)
      System.Runtime.InteropServices (>= 4.3)
      System.Security.Cryptography.Primitives (>= 4.3)
      System.Text.Encoding (>= 4.3)
    System.Security.Cryptography.Primitives (4.3)
      System.Diagnostics.Debug (>= 4.3)
      System.Globalization (>= 4.3)
      System.IO (>= 4.3)
      System.Resources.ResourceManager (>= 4.3)
      System.Runtime (>= 4.3)
      System.Threading (>= 4.3)
      System.Threading.Tasks (>= 4.3)
    System.Security.Principal.Windows (4.5)
      Microsoft.NETCore.Platforms (>= 2.0)
    System.Text.Encoding (4.3)
      Microsoft.NETCore.Platforms (>= 1.1)
      Microsoft.NETCore.Targets (>= 1.1)
      System.Runtime (>= 4.3)
    System.Text.Encoding.Extensions (4.3)
      Microsoft.NETCore.Platforms (>= 1.1)
      Microsoft.NETCore.Targets (>= 1.1)
      System.Runtime (>= 4.3)
      System.Text.Encoding (>= 4.3)
    System.Text.RegularExpressions (4.3)
      System.Runtime (>= 4.3)
    System.Threading (4.3)
      System.Runtime (>= 4.3)
      System.Threading.Tasks (>= 4.3)
    System.Threading.Overlapped (4.3)
      Microsoft.NETCore.Platforms (>= 1.1)
      System.Resources.ResourceManager (>= 4.3)
      System.Runtime (>= 4.3)
      System.Runtime.Handles (>= 4.3)
    System.Threading.Tasks (4.3)
      Microsoft.NETCore.Platforms (>= 1.1)
      Microsoft.NETCore.Targets (>= 1.1)
      System.Runtime (>= 4.3)
    System.Threading.Tasks.Extensions (4.5.1)
      System.Runtime.CompilerServices.Unsafe (>= 4.5)
    System.Threading.Thread (4.3)
      System.Runtime (>= 4.3)
    System.Threading.ThreadPool (4.3)
      System.Runtime (>= 4.3)
      System.Runtime.Handles (>= 4.3)
    System.ValueTuple (4.5)
    System.Xml.ReaderWriter (4.3.1)
      System.Collections (>= 4.3)
      System.Diagnostics.Debug (>= 4.3)
      System.Globalization (>= 4.3)
      System.IO (>= 4.3)
      System.IO.FileSystem (>= 4.3)
      System.IO.FileSystem.Primitives (>= 4.3)
      System.Resources.ResourceManager (>= 4.3)
      System.Runtime (>= 4.3)
      System.Runtime.Extensions (>= 4.3)
      System.Runtime.InteropServices (>= 4.3)
      System.Text.Encoding (>= 4.3)
      System.Text.Encoding.Extensions (>= 4.3)
      System.Text.RegularExpressions (>= 4.3)
      System.Threading.Tasks (>= 4.3)
      System.Threading.Tasks.Extensions (>= 4.3)
    System.Xml.XDocument (4.3)
      System.Collections (>= 4.3)
      System.Diagnostics.Debug (>= 4.3)
      System.Diagnostics.Tools (>= 4.3)
      System.Globalization (>= 4.3)
      System.IO (>= 4.3)
      System.Reflection (>= 4.3)
      System.Resources.ResourceManager (>= 4.3)
      System.Runtime (>= 4.3)
      System.Runtime.Extensions (>= 4.3)
      System.Text.Encoding (>= 4.3)
      System.Threading (>= 4.3)
      System.Xml.ReaderWriter (>= 4.3)
    System.Xml.XmlDocument (4.3)
      System.Collections (>= 4.3)
      System.Diagnostics.Debug (>= 4.3)
      System.Globalization (>= 4.3)
      System.IO (>= 4.3)
      System.Resources.ResourceManager (>= 4.3)
      System.Runtime (>= 4.3)
      System.Runtime.Extensions (>= 4.3)
      System.Text.Encoding (>= 4.3)
      System.Threading (>= 4.3)
      System.Xml.ReaderWriter (>= 4.3)
    System.Xml.XPath (4.3)
      System.Collections (>= 4.3)
      System.Diagnostics.Debug (>= 4.3)
      System.Globalization (>= 4.3)
      System.IO (>= 4.3)
      System.Resources.ResourceManager (>= 4.3)
      System.Runtime (>= 4.3)
      System.Runtime.Extensions (>= 4.3)
      System.Threading (>= 4.3)
      System.Xml.ReaderWriter (>= 4.3)
    System.Xml.XPath.XDocument (4.3)
      System.Diagnostics.Debug (>= 4.3)
      System.Linq (>= 4.3)
      System.Resources.ResourceManager (>= 4.3)
      System.Runtime (>= 4.3)
      System.Runtime.Extensions (>= 4.3)
      System.Threading (>= 4.3)
      System.Xml.ReaderWriter (>= 4.3)
      System.Xml.XDocument (>= 4.3)
      System.Xml.XPath (>= 4.3)
    System.Xml.XPath.XmlDocument (4.3)
      System.Collections (>= 4.3)
      System.Globalization (>= 4.3)
      System.IO (>= 4.3)
      System.Resources.ResourceManager (>= 4.3)
      System.Runtime (>= 4.3)
      System.Runtime.Extensions (>= 4.3)
      System.Threading (>= 4.3)
      System.Xml.ReaderWriter (>= 4.3)
      System.Xml.XmlDocument (>= 4.3)
      System.Xml.XPath (>= 4.3)
